PATH
  remote: .
  specs:
    berycoin-gem (0.1.3)

GEM
  remote: https://rubygems.org/
  specs:
    minitest (5.11.3)
    rake (10.4.2)

PLATFORMS
  ruby

DEPENDENCIES
  berycoin-gem!
  bundler (~> 1.16)
  minitest (~> 5.0)
  rake (~> 10.0)

BUNDLED WITH
   1.16.1
